PATH
  remote: .
  specs:
    motion-initializers (0.0.1)

GEM
  remote: https://rubygems.org/
  specs:
    rake (10.3.2)

PLATFORMS
  ruby

DEPENDENCIES
  motion-initializers!
  rake
